GEM
  remote: https://rubygems.org/
  specs:
    httparty (0.17.0)
      mime-types (~> 3.0)
      multi_xml (>= 0.5.2)
    mime-types (3.2.2)
      mime-types-data (~> 3.2015)
    mime-types-data (3.2019.0331)
    mini_portile2 (2.4.0)
    minitest (5.11.3)
    multi_xml (0.6.0)
    nokogiri (1.10.3-x64-mingw32)
      mini_portile2 (~> 2.4.0)
    ocra (1.3.10)
    ox (2.11.0)
    rubyXL (3.4.5)
      nokogiri (>= 1.4.4)
      rubyzip (>= 1.1.6)
    rubyzip (1.2.3)

PLATFORMS
  x64-mingw32

DEPENDENCIES
  httparty (~> 0.17.0)
  minitest
  nokogiri (~> 1.10, >= 1.10.3)
  ocra (~> 1.3, >= 1.3.10)
  ox (~> 2.11)
  rubyXL (~> 3.4, >= 3.4.5)

BUNDLED WITH
   2.0.2
